GEM
  remote: http://rubygems.org/
  specs:
    ZenTest (4.4.1)
    actionmailer (2.3.18)
      actionpack (= 2.3.18)
    actionpack (2.3.18)
      activesupport (= 2.3.18)
      rack (~> 1.1.0)
    activerecord (2.3.18)
      activesupport (= 2.3.18)
    activeresource (2.3.18)
      activesupport (= 2.3.18)
    activesupport (2.3.18)
    autotest (4.4.6)
      ZenTest (>= 4.4.1)
    builder (3.0.0)
    cucumber (1.2.1)
      builder (>= 2.1.2)
      diff-lcs (>= 1.1.3)
      gherkin (~> 2.11.0)
      json (>= 1.4.6)
    daemons (1.1.9)
    database_cleaner (0.6.0)
    diff-lcs (1.1.3)
    eventmachine (1.0.7)
    factory_girl (1.3.2)
    flexmock (0.8.11)
    gherkin (2.11.1)
      json (>= 1.4.6)
    haml (3.0.24)
    haml-rails (0.1)
    json (1.4.6)
    pg (0.18.1)
    rack (1.1.4)
    rails (2.3.18)
      actionmailer (= 2.3.18)
      actionpack (= 2.3.18)
      activerecord (= 2.3.18)
      activeresource (= 2.3.18)
      activesupport (= 2.3.18)
      rake (>= 0.8.3)
    rails_12factor (0.0.3)
      rails_serve_static_assets
      rails_stdout_logging
    rails_serve_static_assets (0.0.4)
    rails_stdout_logging (0.0.3)
    rake (10.4.2)
    rdoc (3.12)
      json (~> 1.4)
    rspec (1.3.1)
    rspec-rails (1.3.4)
      rack (>= 1.0.0)
      rspec (~> 1.3.1)
    sqlite3-ruby (1.3.1)
    thin (1.6.3)
      daemons (~> 1.0, >= 1.0.9)
      eventmachine (~> 1.0)
      rack (~> 1.0)
    whois (1.3.0)

PLATFORMS
  ruby

DEPENDENCIES
  autotest
  cucumber (>= 0.2.2)
  database_cleaner (>= 0.5.0)
  factory_girl
  flexmock
  haml
  haml-rails
  pg
  rails (= 2.3.18)
  rails_12factor
  rdoc
  rspec (= 1.3.1)
  rspec-rails (= 1.3.4)
  sqlite3-ruby (= 1.3.1)
  thin
  whois (= 1.3.0)
