GEM
  remote: http://rubygems.org/
  remote: http://gems.github.com/
  specs:
    ZenTest (4.4.1)
    actionmailer (2.3.15)
      actionpack (= 2.3.15)
    actionpack (2.3.15)
      activesupport (= 2.3.15)
      rack (~> 1.1.3)
    activerecord (2.3.15)
      activesupport (= 2.3.15)
    activeresource (2.3.15)
      activesupport (= 2.3.15)
    activesupport (2.3.15)
    autotest (4.4.6)
      ZenTest (>= 4.4.1)
    builder (3.0.0)
    cgi_multipart_eof_fix (2.5.0)
    columnize (0.3.2)
    configuration (1.2.0)
    cucumber (1.2.1)
      builder (>= 2.1.2)
      diff-lcs (>= 1.1.3)
      gherkin (~> 2.11.0)
      json (>= 1.4.6)
    daemons (1.1.0)
    database_cleaner (0.6.0)
    diff-lcs (1.1.3)
    factory_girl (1.3.2)
    fastthread (1.0.7)
    flexmock (0.8.11)
    gem_plugin (0.2.3)
    gherkin (2.11.1)
      json (>= 1.4.6)
    haml (3.0.24)
    haml-rails (0.1)
    heroku (1.14.6)
      json_pure (>= 1.2.0, < 1.5.0)
      launchy (~> 0.3.2)
      rest-client (>= 1.4.0, < 1.7.0)
    json (1.4.6)
    json_pure (1.4.6)
    launchy (0.3.7)
      configuration (>= 0.0.5)
      rake (>= 0.8.1)
    linecache (0.43)
    mime-types (1.16)
    mongrel (1.1.5)
      cgi_multipart_eof_fix (>= 2.4)
      daemons (>= 1.0.3)
      fastthread (>= 1.0.1)
      gem_plugin (>= 0.2.3)
    rack (1.1.4)
    rails (2.3.15)
      actionmailer (= 2.3.15)
      actionpack (= 2.3.15)
      activerecord (= 2.3.15)
      activeresource (= 2.3.15)
      activesupport (= 2.3.15)
      rake (>= 0.8.3)
    rake (0.8.7)
    rdoc (3.12)
      json (~> 1.4)
    rest-client (1.6.1)
      mime-types (>= 1.16)
    rspec (1.3.1)
    rspec-rails (1.3.4)
      rack (>= 1.0.0)
      rspec (~> 1.3.1)
    ruby-debug (0.10.4)
      columnize (>= 0.1)
      ruby-debug-base (~> 0.10.4.0)
    ruby-debug-base (0.10.4)
      linecache (>= 0.3)
    sqlite3-ruby (1.3.1)
    whois (1.6.4)

PLATFORMS
  ruby

DEPENDENCIES
  autotest
  cucumber (>= 0.2.2)
  database_cleaner (>= 0.5.0)
  factory_girl
  flexmock
  haml
  haml-rails
  heroku
  mongrel
  rails (= 2.3.15)
  rdoc
  rspec (= 1.3.1)
  rspec-rails (= 1.3.4)
  ruby-debug
  sqlite3-ruby (= 1.3.1)
  whois (>= 1.3.0)
